GEM
  remote: https://rubygems.org/
  specs:
    minitest (5.8.4)
    redis (3.3.0)
    rubyzip (1.2.0)

PLATFORMS
  ruby

DEPENDENCIES
  minitest (~> 5.8)
  redis (~> 3.3)
  rubyzip (~> 1.2.0)
